PATH
  remote: .
  specs:
    sassypam (0.0.2)

GEM
  remote: https://rubygems.org/
  specs:
    coderay (1.1.0)
    ffi (1.9.6-java)
    hologram (1.2.0)
      redcarpet (>= 2.2, < 4.0)
      rouge (>= 1.5)
    method_source (0.8.2)
    pry (0.9.12.6)
      coderay (~> 1.0)
      method_source (~> 0.8)
      slop (~> 3.4)
    pry (0.9.12.6-java)
      coderay (~> 1.0)
      method_source (~> 0.8)
      slop (~> 3.4)
      spoon (~> 0.0)
    rake (10.3.2)
    redcarpet (3.2.2)
    rouge (1.7.7)
    sass (3.4.9)
    slop (3.5.0)
    spoon (0.0.4)
      ffi

PLATFORMS
  java
  ruby

DEPENDENCIES
  bundler (~> 1.5)
  hologram
  pry
  rake
  sass
  sassypam!
