PATH
  remote: .
  specs:
    sassypam (0.0.1)
      sass (>= 3.2)

GEM
  remote: https://rubygems.org/
  specs:
    coderay (1.1.0)
    method_source (0.8.2)
    pry (0.9.12.6)
      coderay (~> 1.0)
      method_source (~> 0.8)
      slop (~> 3.4)
    rake (10.3.2)
    sass (3.4.5)
    slop (3.5.0)

PLATFORMS
  ruby

DEPENDENCIES
  bundler (~> 1.5)
  pry
  rake
  sassypam!
